GEM
  remote: https://rubygems.org/
  specs:
    byebug (11.1.3)
    i2c (0.4.2)
    i2c-bme280 (0.1.2)
      i2c (~> 0.4)
    nio4r (2.5.4)
    puma (5.0.2)
      nio4r (~> 2.0)
    ruby-termios (1.0.2)
    spi (0.1.1)
    uart (1.0.0)
      ruby-termios
    ya_gpio (0.1.0)

PLATFORMS
  ruby

DEPENDENCIES
  byebug
  i2c
  i2c-bme280
  puma
  spi
  uart
  ya_gpio

BUNDLED WITH
   2.1.4
