GEM
  remote: https://rubygems.org/
  specs:
    byebug (11.1.3)
    dotenv (2.7.6)
    i2c (0.4.2)
    nio4r (2.5.4)
    puma (5.0.2)
      nio4r (~> 2.0)
    ruby-termios (1.0.2)
    spi (0.1.1)
    uart (1.0.0)
      ruby-termios

PLATFORMS
  ruby

DEPENDENCIES
  byebug
  dotenv
  i2c
  puma
  spi
  uart

BUNDLED WITH
   2.1.4
